GIT
  remote: git://github.com/spree/endpoint_base.git
  revision: 293980c89d693de97a740c6925945edad7b3a2c5
  specs:
    endpoint_base (0.3)
      activesupport
      jbuilder
      json

GIT
  remote: git@github.com:spree/capistrano-spree.git
  revision: a91284a7815c1103ce65ad2d54d8b94391523ad0
  specs:
    capistrano-spree (0.0.24)
      campy
      statsd-ruby

GEM
  remote: https://rubygems.org/
  specs:
    activesupport (4.1.0)
      i18n (~> 0.6, >= 0.6.9)
      json (~> 1.7, >= 1.7.7)
      minitest (~> 5.1)
      thread_safe (~> 0.1)
      tzinfo (~> 1.1)
    addressable (2.3.5)
    aws-sdk (1.11.1)
      json (~> 1.4)
      nokogiri (>= 1.4.4)
      uuidtools (~> 2.1)
    campy (1.0.0)
    capistrano (3.0.0.pre14)
      i18n
      rake (>= 10.0.0)
      sshkit (>= 0.0.23)
    coderay (1.0.9)
    crack (0.4.1)
      safe_yaml (~> 0.9.0)
    diff-lcs (1.2.4)
    dotenv (0.9.0)
    ffi (1.9.0)
    ffi (1.9.0-java)
    foreman (0.63.0)
      dotenv (>= 0.7)
      thor (>= 0.13.6)
    foreman (0.63.0-java)
      dotenv (>= 0.7)
      thor (>= 0.13.6)
    formatador (0.2.4)
    guard (1.8.2)
      formatador (>= 0.2.4)
      listen (>= 1.0.0)
      lumberjack (>= 1.0.2)
      pry (>= 0.9.10)
      thor (>= 0.14.6)
    guard-rspec (3.0.2)
      guard (>= 1.8)
      rspec (~> 2.13)
    httparty (0.11.0)
      multi_json (~> 1.0)
      multi_xml (>= 0.5.2)
    i18n (0.6.9)
    jbuilder (2.0.6)
      activesupport (>= 3.0.0, < 5)
      multi_json (~> 1.2)
    json (1.8.1)
    json (1.8.1-java)
    kgio (2.8.0)
    listen (1.3.0)
      rb-fsevent (>= 0.9.3)
      rb-inotify (>= 0.9)
      rb-kqueue (>= 0.2)
    lumberjack (1.0.4)
    method_source (0.8.2)
    mini_portile (0.5.3)
    minitest (5.3.3)
    model_un (0.2.1)
    multi_json (1.9.2)
    multi_xml (0.5.5)
    net-scp (1.1.2)
      net-ssh (>= 2.6.5)
    net-ssh (2.6.8)
    nokogiri (1.6.1)
      mini_portile (~> 0.5.0)
    nokogiri (1.6.1-java)
      mini_portile (~> 0.5.0)
    pry (0.9.12.2)
      coderay (~> 1.0.5)
      method_source (~> 0.8)
      slop (~> 3.4)
    pry (0.9.12.2-java)
      coderay (~> 1.0.5)
      method_source (~> 0.8)
      slop (~> 3.4)
      spoon (~> 0.0)
    rack (1.5.2)
    rack-protection (1.5.2)
      rack
    rack-test (0.6.2)
      rack (>= 1.0)
    raindrops (0.12.0)
    rake (10.1.0)
    rb-fsevent (0.9.3)
    rb-inotify (0.9.1)
      ffi (>= 0.5.0)
    rb-kqueue (0.2.0)
      ffi (>= 0.5.0)
    rspec (2.14.1)
      rspec-core (~> 2.14.0)
      rspec-expectations (~> 2.14.0)
      rspec-mocks (~> 2.14.0)
    rspec-core (2.14.5)
    rspec-expectations (2.14.2)
      diff-lcs (>= 1.1.3, < 2.0)
    rspec-mocks (2.14.3)
    safe_yaml (0.9.5)
    sinatra (1.4.4)
      rack (~> 1.4)
      rack-protection (~> 1.4)
      tilt (~> 1.3, >= 1.3.4)
    slop (3.4.6)
    spoon (0.0.4)
      ffi
    sshkit (0.0.34)
      net-scp
      net-ssh
      term-ansicolor
    statsd-ruby (1.2.1)
    term-ansicolor (1.2.2)
      tins (~> 0.8)
    terminal-notifier-guard (1.5.3)
    thor (0.18.1)
    thread_safe (0.3.3)
    thread_safe (0.3.3-java)
    tilt (1.4.1)
    tilt-jbuilder (0.5.3)
      jbuilder
      tilt (<= 1.4.1)
    timecop (0.6.2.2)
    tins (0.9.0)
    tzinfo (1.1.0)
      thread_safe (~> 0.1)
    unicorn (4.6.3)
      kgio (~> 2.6)
      rack
      raindrops (~> 0.7)
    uuidtools (2.1.4)
    vcr (2.5.0)
    webmock (1.13.0)
      addressable (>= 2.2.7)
      crack (>= 0.3.2)

PLATFORMS
  java
  ruby

DEPENDENCIES
  aws-sdk
  capistrano (>= 3.0.0.pre13)
  capistrano-spree!
  endpoint_base!
  foreman
  guard-rspec
  httparty
  model_un
  nokogiri
  pry
  rack-test
  rb-fsevent (~> 0.9.1)
  rspec
  sinatra
  terminal-notifier-guard
  tilt (~> 1.4.1)
  tilt-jbuilder
  timecop
  unicorn
  vcr
  webmock
